GEM
  remote: http://rubygems.org/
  specs:
    activesupport (3.0.6)
    bson (1.6.2)
    daemons (1.1.8)
    eventmachine (0.12.10)
    haml (3.1.4)
    httpclient (2.2.4)
    i18n (0.5.0)
    json_pure (1.5.4)
      spruz (~> 0.2.8)
    logger (1.2.8)
    mail (2.2.15)
      activesupport (>= 2.3.6)
      i18n (>= 0.4.0)
      mime-types (~> 1.16)
      treetop (~> 1.4.8)
    mime-types (1.17.2)
    mongo (1.6.2)
      bson (~> 1.6.2)
    polyglot (0.3.1)
    pony (1.1)
      mail (> 2.0)
    rack (1.4.1)
    rack-protection (1.2.0)
      rack
    redis (2.2.2)
    ruby-hmac (0.4.0)
    sinatra (1.3.2)
      rack (~> 1.3, >= 1.3.6)
      rack-protection (~> 1.2)
      tilt (~> 1.3, >= 1.3.3)
    spruz (0.2.13)
    thin (1.3.1)
      daemons (>= 1.0.9)
      eventmachine (>= 0.12.6)
      rack (>= 1.0.0)
    tilt (1.3.3)
    treetop (1.4.9)
      polyglot (>= 0.3.1)

PLATFORMS
  ruby

DEPENDENCIES
  bundler
  haml
  httpclient
  json_pure
  logger
  mongo
  pony
  redis
  ruby-hmac
  sinatra
  thin
