GEM
  remote: http://rubygems.org/
  specs:
    activesupport (3.2.9)
      i18n (~> 0.6)
      multi_json (~> 1.0)
    awesome_print (1.1.0)
    bson (1.8.0)
      activesupport
    cfoundry (0.4.9)
      multi_json (~> 1.4.0)
      multipart-post (~> 1.1.0)
      rubyzip (~> 0.9.9)
    clouseau (0.0.2)
      rubyzip (~> 0.9.9)
    daemons (1.1.9)
    eventmachine (1.0.0)
    haml (3.1.7)
    httpclient (2.3.0.1)
    i18n (0.6.1)
    interact (0.5.0)
    json_pure (1.6.7)
    logger (1.2.8)
    manifests-vmc-plugin (0.4.17)
      cfoundry (~> 0.4.0)
    mongo (1.8.0)
      bson (~> 1.8.0)
    mothership (0.3.5)
    multi_json (1.4.0)
    multipart-post (1.1.5)
    rack (1.4.1)
    rack-protection (1.3.1)
      rack
    redis (3.0.2)
    rubyzip (0.9.9)
    sinatra (1.3.3)
      rack (~> 1.3, >= 1.3.6)
      rack-protection (~> 1.2)
      tilt (~> 1.3, >= 1.3.3)
    thin (1.5.0)
      daemons (>= 1.0.9)
      eventmachine (>= 0.12.6)
      rack (>= 1.0.0)
    tilt (1.3.3)
    tunnel-dummy-vmc-plugin (0.0.2)
      cfoundry (~> 0.4.0)
    uuidtools (2.1.3)
    vmc (0.4.5)
      cfoundry (~> 0.4.9)
      clouseau (~> 0.0.2)
      interact (~> 0.5.0)
      json_pure (~> 1.6.5)
      manifests-vmc-plugin (~> 0.4.14)
      mothership (~> 0.3.4)
      multi_json (~> 1.4.0)
      tunnel-dummy-vmc-plugin (~> 0.0.2)

PLATFORMS
  ruby

DEPENDENCIES
  awesome_print
  bundler
  cfoundry
  haml
  httpclient
  json_pure
  logger
  mongo
  redis
  sinatra
  thin
  uuidtools
  vmc
