GEM
  remote: http://rubygems.org/
  specs:
    addressable (2.3.4)
    awesome_print (1.1.0)
    bson (1.8.5)
    caldecott-client (0.0.2)
      multi_json (~> 1.3)
    cf (0.6.0)
      cfoundry (~> 0.6.0)
      interact (~> 0.5)
      json_pure (~> 1.6)
      manifests-cf-plugin (~> 0.7.0)
      mothership (>= 0.5.1, < 1.0)
      multi_json (~> 1.3)
      tunnel-cf-plugin (~> 0.3.0)
    cf-autoconfig (0.2.0)
      cf-runtime (= 0.2.0)
    cf-runtime (0.2.0)
    cf-uaa-lib (1.3.10)
      multi_json
    cfoundry (0.6.0)
      cf-uaa-lib (~> 1.3.10)
      multi_json (~> 1.3)
      multipart-post (~> 1.1)
      rubyzip (~> 0.9)
    daemons (1.1.9)
    eventmachine (1.0.3)
    haml (4.0.2)
      tilt
    httpclient (2.3.3)
    interact (0.5.2)
    json_pure (1.7.7)
    logger (1.2.8)
    manifests-cf-plugin (0.7.0)
      cfoundry (~> 0.6.0)
    mime-types (1.22)
    mongo (1.8.5)
      bson (~> 1.8.5)
    mothership (0.5.1)
    multi_json (1.7.2)
    multipart-post (1.2.0)
    rack (1.5.2)
    rack-protection (1.5.0)
      rack
    redis (3.0.3)
    rest-client (1.6.7)
      mime-types (>= 1.16)
    rubyzip (0.9.9)
    sinatra (1.4.2)
      rack (~> 1.5, >= 1.5.2)
      rack-protection (~> 1.4)
      tilt (~> 1.3, >= 1.3.4)
    thin (1.5.1)
      daemons (>= 1.0.9)
      eventmachine (>= 0.12.6)
      rack (>= 1.0.0)
    tilt (1.3.7)
    tunnel-cf-plugin (0.3.0)
      addressable (~> 2.2)
      caldecott-client (~> 0.0.2)
      cfoundry (~> 0.6.0)
      rest-client (~> 1.6)
      uuidtools (~> 2.1)
    uuidtools (2.1.3)

PLATFORMS
  ruby

DEPENDENCIES
  awesome_print
  bundler
  cf
  cf-autoconfig
  cfoundry
  haml
  httpclient
  json_pure
  logger
  mongo
  redis
  sinatra
  thin
  uuidtools
