GEM
  remote: http://rubygems.org/
  specs:
    addressable (2.2.8)
    awesome_print (1.1.0)
    bson (1.7.0)
    cfoundry (0.3.52)
      multi_json (~> 1.3.6)
      multipart-post (~> 1.1.0)
      rubyzip (~> 0.9.9)
    daemons (1.1.9)
    eventmachine (1.0.0)
    haml (3.1.7)
    httpclient (2.3.0.1)
    interact (0.4.8)
    json_pure (1.6.7)
    logger (1.2.8)
    mime-types (1.19)
    mongo (1.7.0)
      bson (~> 1.7.0)
    multi_json (1.3.7)
    multipart-post (1.1.5)
    rack (1.4.1)
    rack-protection (1.2.0)
      rack
    rb-readline (0.4.2)
    redis (3.0.2)
    rest-client (1.6.7)
      mime-types (>= 1.16)
    rubyzip (0.9.9)
    sinatra (1.3.3)
      rack (~> 1.3, >= 1.3.6)
      rack-protection (~> 1.2)
      tilt (~> 1.3, >= 1.3.3)
    terminal-table (1.4.5)
    thin (1.5.0)
      daemons (>= 1.0.9)
      eventmachine (>= 0.12.6)
      rack (>= 1.0.0)
    tilt (1.3.3)
    uuidtools (2.1.3)
    vmc (0.3.23)
      addressable (~> 2.2.6)
      cfoundry (~> 0.3.48)
      interact (~> 0.4.0)
      json_pure (>= 1.5.1, < 1.7.0)
      rb-readline (~> 0.4.2)
      rest-client (>= 1.6.1, < 1.7.0)
      rubyzip (~> 0.9.4)
      terminal-table (~> 1.4.2)
      uuidtools (~> 2.1.0)

PLATFORMS
  ruby

DEPENDENCIES
  awesome_print
  bundler
  cfoundry
  haml
  httpclient
  json_pure
  logger
  mongo
  redis
  sinatra
  thin
  uuidtools
  vmc
